GEM
  remote: https://rubygems.org/
  specs:
    json (1.8.3)
    kramdown (1.11.1)
    rake (11.1.2)

PLATFORMS
  ruby

DEPENDENCIES
  json
  kramdown (= 1.11.1)
  rake

BUNDLED WITH
   1.12.2
